GEM
  remote: http://rubygems.org/
  specs:
    activemodel (3.0.8)
      activesupport (= 3.0.8)
      builder (~> 2.1.2)
      i18n (~> 0.5.0)
    activesupport (3.0.8)
    bson (1.3.1)
    builder (2.1.2)
    carrierwave (0.5.4)
      activesupport (~> 3.0)
    git (1.2.5)
    i18n (0.5.0)
    jeweler (1.6.2)
      bundler (~> 1.0)
      git (>= 1.2.5)
      rake
    mongo (1.3.1)
      bson (>= 1.3.1)
    mongoo (0.5.0)
      activemodel (>= 3.0.3)
      activesupport (>= 3.0.3)
      i18n (>= 0.4.1)
      mongo (~> 1.3.1)
    rake (0.9.2)
    rcov (0.9.9)
    shoulda (2.11.3)

PLATFORMS
  ruby

DEPENDENCIES
  bundler (~> 1.0.0)
  carrierwave (~> 0.5.4)
  jeweler (~> 1.6.0)
  mongoo
  rcov
  shoulda
