GEM
  remote: http://rubygems.org/
  specs:
    activemodel (3.0.7)
      activesupport (= 3.0.7)
      builder (~> 2.1.2)
      i18n (~> 0.5.0)
    activesupport (3.0.7)
    bson (1.3.1)
    builder (2.1.2)
    carrierwave (0.5.4)
      activesupport (~> 3.0)
    em-synchrony (0.2.0)
      eventmachine (>= 0.12.9)
    eventmachine (0.12.10)
    git (1.2.5)
    i18n (0.5.0)
    jeweler (1.6.0)
      bundler (~> 1.0.0)
      git (>= 1.2.5)
      rake
    mongo (1.3.1)
      bson (>= 1.3.1)
    mongoo (0.4.0)
      activemodel (>= 3.0.3)
      activesupport (>= 3.0.3)
      em-synchrony (~> 0.2.0)
      i18n (>= 0.4.1)
      mongo (~> 1.3.1)
    rake (0.8.7)
    rcov (0.9.9)
    shoulda (2.11.3)

PLATFORMS
  ruby

DEPENDENCIES
  bundler (~> 1.0.0)
  carrierwave (~> 0.5.4)
  jeweler (~> 1.6.0)
  mongoo (~> 0.4.0)
  rcov
  shoulda
